GEM
  remote: https://rubygems.org/
  specs:
    msgpack (1.8.0)

PLATFORMS
  ruby
  x86_64-linux

DEPENDENCIES
  msgpack (~> 1.7)

BUNDLED WITH
   2.6.8
